GEM
  remote: https://rubygems.org/
  specs:
    gosu (1.0.0)
    ruby2d (0.9.2)

PLATFORMS
  ruby

DEPENDENCIES
  gosu
  ruby2d

BUNDLED WITH
   2.2.0.rc.1
