GEM
  remote: https://rubygems.org/
  specs:
    gosu (0.15.1)
    ruby2d (0.9.2)

PLATFORMS
  ruby

DEPENDENCIES
  gosu
  ruby2d

BUNDLED WITH
   2.1.4
